GIT
  remote: git://github.com/Mon-Ouie/pry-remote.git
  revision: c4d91dda70f4dd099abad0bbf39a7617efe85769
  ref: c4d91dda70f4dd099abad0bbf39a7617efe85769
  specs:
    pry-remote (0.1.6)
      pry (~> 0.9)
      slop (~> 3.0)

GIT
  remote: git://github.com/pry/pry.git
  revision: d350493de2432e8a20bc847a5c55a6ebc257f702
  ref: d350493de2432e8a20bc847a5c55a6ebc257f702
  specs:
    pry (0.9.10)
      coderay (~> 1.0.5)
      method_source (~> 0.8)
      slop (~> 3.3.1)

GEM
  remote: https://rubygems.org/
  specs:
    addressable (2.3.2)
    binding_of_caller (0.6.8)
    coderay (1.0.8)
    columnize (0.3.6)
    cookiejar (0.3.0)
    daemons (1.1.9)
    debugger (1.1.3)
      columnize (>= 0.3.1)
      debugger-linecache (~> 1.1.1)
      debugger-ruby_core_source (~> 1.1.2)
    debugger-linecache (1.1.2)
      debugger-ruby_core_source (>= 1.1.1)
    debugger-ruby_core_source (1.1.5)
    em-http-request (1.0.3)
      addressable (>= 2.2.3)
      cookiejar
      em-socksify
      eventmachine (>= 1.0.0.beta.4)
      http_parser.rb (>= 0.5.3)
    em-socksify (0.2.1)
      eventmachine (>= 1.0.0.beta.4)
    eventmachine (1.0.0)
    faye (0.8.2)
      cookiejar (>= 0.3.0)
      em-http-request (>= 0.3.0)
      eventmachine (>= 0.12.0)
      faye-websocket (>= 0.4.0)
      rack (>= 1.0.0)
      yajl-ruby (>= 1.0.0)
    faye-websocket (0.4.6)
      eventmachine (>= 0.12.0)
    http_parser.rb (0.5.3)
    method_source (0.8.1)
    pry-debugger (0.2.0)
      debugger (~> 1.1.3)
      pry (~> 0.9.9)
    pry-stack_explorer (0.4.5)
      binding_of_caller (~> 0.6.2)
    rack (1.4.1)
    slop (3.3.3)
    sqlite3 (1.3.6)
    thin (1.3.1)
      daemons (>= 1.0.9)
      eventmachine (>= 0.12.6)
      rack (>= 1.0.0)
    wirble (0.1.3)
    yajl-ruby (1.1.0)

PLATFORMS
  ruby

DEPENDENCIES
  debugger (= 1.1.3)
  faye (= 0.8.2)
  pry!
  pry-debugger (= 0.2.0)
  pry-remote!
  pry-stack_explorer (= 0.4.5)
  sqlite3
  thin (= 1.3.1)
  wirble (= 0.1.3)
